GIT
  remote: git://github.com/ngiger/vagrant.git
  revision: fe7dbebc56d41c338ae2b77ad7fbb22ff50e91c8
  specs:
    vagrant (1.2.3.dev)
      childprocess (~> 0.3.7)
      erubis (~> 2.7.0)
      i18n (~> 0.6.0)
      json (>= 1.5.1, < 1.8.0)
      log4r (~> 1.1.9)
      net-scp (~> 1.1.0)
      net-ssh (~> 2.6.6)

GIT
  remote: git://github.com/rodjek/librarian-puppet.git
  revision: b707b1e609a1806e09fdce0a9d5c872a16ba1e20
  specs:
    librarian-puppet (0.9.9)
      json
      thor (~> 0.15)

GEM
  remote: http://rubygems.org/
  specs:
    childprocess (0.3.9)
      ffi (~> 1.0, >= 1.0.11)
    commonwatir (4.0.0)
    data_magic (0.14)
      faker (>= 1.1.2)
      yml_reader (>= 0.2)
    diff-lcs (1.2.4)
    erubis (2.7.0)
    faker (1.1.2)
      i18n (~> 0.5)
    ffi (1.9.0)
    i18n (0.6.4)
    json (1.7.7)
    log4r (1.1.10)
    multi_json (1.7.7)
    net-scp (1.1.1)
      net-ssh (>= 2.6.5)
    net-ssh (2.6.7)
    page-object (0.9.0)
      page_navigation (>= 0.8)
      selenium-webdriver (>= 2.33.0)
      watir-webdriver (>= 0.6.4)
    page_navigation (0.9)
      data_magic (>= 0.14)
    rspec (2.13.0)
      rspec-core (~> 2.13.0)
      rspec-expectations (~> 2.13.0)
      rspec-mocks (~> 2.13.0)
    rspec-core (2.13.1)
    rspec-expectations (2.13.0)
      diff-lcs (>= 1.1.3, < 2.0)
    rspec-mocks (2.13.1)
    rubyzip (0.9.9)
    selenium-webdriver (2.33.0)
      childprocess (>= 0.2.5)
      multi_json (~> 1.0)
      rubyzip
      websocket (~> 1.0.4)
    thor (0.18.1)
    watir (4.0.2)
      commonwatir (~> 4)
      watir-webdriver
    watir-webdriver (0.6.4)
      selenium-webdriver (>= 2.18.0)
    websocket (1.0.7)
    yml_reader (0.2)

PLATFORMS
  ruby

DEPENDENCIES
  librarian-puppet!
  page-object
  rspec
  vagrant!
  watir
  watir-webdriver
