GEM
  remote: http://rubygems.org/
  specs:
    CFPropertyList (2.2.8)
    activemodel (4.2.3)
      activesupport (= 4.2.3)
      builder (~> 3.1)
    activesupport (4.2.3)
      i18n (~> 0.7)
      json (~> 1.7, >= 1.7.7)
      minitest (~> 5.1)
      thread_safe (~> 0.3, >= 0.3.4)
      tzinfo (~> 1.1)
    builder (3.2.2)
    childprocess (0.5.6)
      ffi (~> 1.0, >= 1.0.11)
    commonwatir (4.0.0)
    data_magic (0.21)
      faker (>= 1.1.2)
      yml_reader (>= 0.4)
    diff-lcs (1.2.5)
    facter (2.4.4)
      CFPropertyList (~> 2.2.6)
    faker (1.4.3)
      i18n (~> 0.5)
    faraday (0.9.1)
      multipart-post (>= 1.2, < 3)
    ffi (1.9.10)
    her (0.6.8)
      activemodel (>= 3.0.0)
      activesupport (>= 3.0.0)
      faraday (~> 0.8)
      multi_json (~> 1.7)
    hiera (3.0.1)
      json_pure
    i18n (0.7.0)
    json (1.8.3)
    json_pure (1.8.2)
    librarian-puppet (2.2.1)
      librarianp (>= 0.6.3)
      puppet_forge (~> 1.0)
      rsync
    librarianp (0.6.3)
      thor (~> 0.15)
    minitest (5.8.0)
    multi_json (1.11.2)
    multipart-post (2.0.0)
    page-object (1.1.0)
      page_navigation (>= 0.9)
      selenium-webdriver (>= 2.44.0)
      watir-webdriver (>= 0.6.11)
    page_navigation (0.9)
      data_magic (>= 0.14)
    puppet (4.2.1)
      facter (> 2.0, < 4)
      hiera (>= 2.0, < 4)
      json_pure
    puppet_forge (1.0.5)
      her (~> 0.6.8)
    rspec (3.3.0)
      rspec-core (~> 3.3.0)
      rspec-expectations (~> 3.3.0)
      rspec-mocks (~> 3.3.0)
    rspec-core (3.3.2)
      rspec-support (~> 3.3.0)
    rspec-expectations (3.3.1)
      diff-lcs (>= 1.2.0, < 2.0)
      rspec-support (~> 3.3.0)
    rspec-mocks (3.3.2)
      diff-lcs (>= 1.2.0, < 2.0)
      rspec-support (~> 3.3.0)
    rspec-support (3.3.0)
    rsync (1.0.9)
    rubyzip (1.1.7)
    selenium-webdriver (2.47.1)
      childprocess (~> 0.5)
      multi_json (~> 1.0)
      rubyzip (~> 1.0)
      websocket (~> 1.0)
    thor (0.19.1)
    thread_safe (0.3.5)
    tzinfo (1.2.2)
      thread_safe (~> 0.1)
    watir (5.0.0)
      commonwatir (~> 4)
      watir-webdriver
    watir-webdriver (0.8.0)
      selenium-webdriver (>= 2.46.2)
    websocket (1.2.2)
    yml_reader (0.5)

PLATFORMS
  ruby

DEPENDENCIES
  librarian-puppet
  page-object
  puppet
  rspec
  watir
  watir-webdriver

BUNDLED WITH
   1.10.5
