GIT
  remote: git://github.com/ngiger/vagrant.git
  revision: fe7dbebc56d41c338ae2b77ad7fbb22ff50e91c8
  specs:
    vagrant (1.2.3.dev)
      childprocess (~> 0.3.7)
      erubis (~> 2.7.0)
      i18n (~> 0.6.0)
      json (>= 1.5.1, < 1.8.0)
      log4r (~> 1.1.9)
      net-scp (~> 1.1.0)
      net-ssh (~> 2.6.6)

GIT
  remote: git://github.com/rodjek/librarian-puppet.git
  revision: b707b1e609a1806e09fdce0a9d5c872a16ba1e20
  specs:
    librarian-puppet (0.9.9)
      json
      thor (~> 0.15)

GEM
  remote: http://rubygems.org/
  specs:
    childprocess (0.3.9)
      ffi (~> 1.0, >= 1.0.11)
    erubis (2.7.0)
    ffi (1.9.0)
    i18n (0.6.4)
    json (1.7.7)
    log4r (1.1.10)
    net-scp (1.1.1)
      net-ssh (>= 2.6.5)
    net-ssh (2.6.7)
    thor (0.18.1)

PLATFORMS
  ruby

DEPENDENCIES
  librarian-puppet!
  vagrant!
